GEM
  remote: http://rubygems.org/
  specs:
    coffee-script (2.2.0)
      coffee-script-source
      execjs
    coffee-script-source (1.1.2)
    execjs (1.2.9)
      multi_json (~> 1.0)
    guard (0.8.3)
      thor (~> 0.14.6)
    guard-coffeescript (0.5.2)
      coffee-script (>= 2.2.0)
      guard (>= 0.8.3)
    multi_json (1.0.3)
    rack (1.3.4)
    rack-contrib (1.1.0)
      rack (>= 0.9.1)
    rack-rewrite (1.2.1)
    thor (0.14.6)

PLATFORMS
  ruby

DEPENDENCIES
  guard-coffeescript
  rack-contrib
  rack-rewrite
