GEM
  remote: http://rubygems.org/
  specs:
    rack (1.3.4)
    rack-contrib (1.1.0)
      rack (>= 0.9.1)
    rack-rewrite (1.2.1)

PLATFORMS
  ruby

DEPENDENCIES
  rack-contrib
  rack-rewrite
